GEM
  remote: https://rubygems.org/
  specs:
    rack (2.0.7)

PLATFORMS
  x64-mingw32

DEPENDENCIES
  rack

BUNDLED WITH
   2.0.1
